PATH
  remote: .
  specs:
    rake_tasks (1.0.1)
      rake (~> 0.9.2)
      rdoc (~> 3.9.4)

GEM
  remote: http://rubygems.org/
  specs:
    rake (0.9.2)
    rdoc (3.9.4)

PLATFORMS
  ruby
  x86-mingw32

DEPENDENCIES
  rake_tasks!
