PATH
  remote: .
  specs:
    rake_tasks (2.0.1.alpha)

GEM
  remote: http://rubygems.org/
  specs:
    metaclass (0.0.1)
    mocha (0.10.0)
      metaclass (~> 0.0.1)

PLATFORMS
  ruby

DEPENDENCIES
  mocha (~> 0.10.0)
  rake_tasks!
