PATH
  remote: .
  specs:
    rake_tasks (2.0.0)
      rake (~> 0.9.2)
      rdoc (~> 3.9.4)

GEM
  remote: http://rubygems.org/
  specs:
    rake (0.9.2)
    rdoc (3.9.4)

PLATFORMS
  ruby

DEPENDENCIES
  rake_tasks!
