PATH
  remote: .
  specs:
    rake_tasks (4.2.1.wip)
      rake

GEM
  remote: http://rubygems.org/
  specs:
    cane (3.0.0)
      parallel
    diff-lcs (1.2.5)
    faker (1.6.6)
      i18n (~> 0.5)
    gems (0.8.3)
    i18n (0.7.0)
    metaclass (0.0.4)
    mocha (1.1.0)
      metaclass (~> 0.0.1)
    parallel (1.9.0)
    power_assert (0.3.0)
    rake (11.2.2)
    rspec (3.5.0)
      rspec-core (~> 3.5.0)
      rspec-expectations (~> 3.5.0)
      rspec-mocks (~> 3.5.0)
    rspec-core (3.5.2)
      rspec-support (~> 3.5.0)
    rspec-expectations (3.5.0)
      diff-lcs (>= 1.2.0, < 2.0)
      rspec-support (~> 3.5.0)
    rspec-mocks (3.5.0)
      diff-lcs (>= 1.2.0, < 2.0)
      rspec-support (~> 3.5.0)
    rspec-support (3.5.0)
    test-unit (3.2.1)
      power_assert
    travis-yaml (0.2.0)
    wwtd (1.3.0)

PLATFORMS
  ruby

DEPENDENCIES
  cane
  faker
  gems
  mocha
  rake_tasks!
  rspec
  test-unit
  travis-yaml
  wwtd

BUNDLED WITH
   1.12.5
