PATH
  remote: .
  specs:
    rake_tasks (5.1.0)
      rake

GEM
  remote: http://rubygems.org/
  specs:
    cane (3.0.0)
      parallel
    colorize (0.8.1)
    concurrent-ruby (1.1.5)
    diff-lcs (1.3)
    faker (1.9.3)
      i18n (>= 0.7)
    gems (1.1.1)
      json
    i18n (1.6.0)
      concurrent-ruby (~> 1.0)
    json (2.2.0)
    metaclass (0.0.4)
    mocha (1.8.0)
      metaclass (~> 0.0.1)
    parallel (1.17.0)
    power_assert (1.1.4)
    rake (12.3.2)
    rspec (3.8.0)
      rspec-core (~> 3.8.0)
      rspec-expectations (~> 3.8.0)
      rspec-mocks (~> 3.8.0)
    rspec-core (3.8.0)
      rspec-support (~> 3.8.0)
    rspec-expectations (3.8.2)
      diff-lcs (>= 1.2.0, < 2.0)
      rspec-support (~> 3.8.0)
    rspec-mocks (3.8.0)
      diff-lcs (>= 1.2.0, < 2.0)
      rspec-support (~> 3.8.0)
    rspec-support (3.8.0)
    test-unit (3.3.2)
      power_assert
    travis-yaml (0.2.0)
    wwtd (1.3.0)

PLATFORMS
  ruby

DEPENDENCIES
  cane
  colorize
  faker
  gems
  mocha
  rake_tasks!
  rspec
  test-unit
  travis-yaml
  wwtd

BUNDLED WITH
   1.17.3
