PATH
  remote: .
  specs:
    rake_tasks (3.0.0.pre)

GEM
  remote: http://rubygems.org/
  specs:
    cane (2.5.0)
      parallel
    diff-lcs (1.1.3)
    faker (1.1.2)
      i18n (~> 0.5)
    i18n (0.6.1)
    metaclass (0.0.1)
    mocha (0.13.0)
      metaclass (~> 0.0.1)
    parallel (0.5.20)
    rspec (2.12.0)
      rspec-core (~> 2.12.0)
      rspec-expectations (~> 2.12.0)
      rspec-mocks (~> 2.12.0)
    rspec-core (2.12.0)
    rspec-expectations (2.12.0)
      diff-lcs (~> 1.1.3)
    rspec-mocks (2.12.0)

PLATFORMS
  ruby

DEPENDENCIES
  cane (~> 2.5.0)
  faker (~> 1.1.2)
  mocha (~> 0.13.0)
  rake_tasks!
  rspec (~> 2.12.0)
