GEM
  remote: http://rubygems.org/
  specs:
    rake (0.9.2)
    rdoc (3.9.4)

PLATFORMS
  ruby
  x86-mingw32

DEPENDENCIES
  rake (~> 0.9.2)
  rdoc (~> 3.9.4)
