PATH
  remote: .
  specs:
    rake_tasks (2.0.6)

GEM
  remote: http://rubygems.org/
  specs:
    fakefs (0.4.0.1)
    metaclass (0.0.1)
    mocha (0.11.4)
      metaclass (~> 0.0.1)

PLATFORMS
  ruby

DEPENDENCIES
  fakefs (~> 0.4.0)
  mocha (~> 0.11.4)
  rake_tasks!
